PATH
  remote: .
  specs:
    net-http-last_modified_cache (0.0.0)
      activesupport
      i18n
      rack

GEM
  remote: http://rubygems.org/
  specs:
    activesupport (3.1.0)
      multi_json (~> 1.0)
    diff-lcs (1.1.3)
    fakeweb (1.3.0)
    growl (1.0.3)
    guard (0.8.0)
      thor (~> 0.14.6)
    guard-rspec (0.4.5)
      guard (>= 0.4.0)
    i18n (0.6.0)
    multi_json (1.0.3)
    rack (1.3.3)
    rb-fsevent (0.4.3.1)
    rspec (2.6.0)
      rspec-core (~> 2.6.0)
      rspec-expectations (~> 2.6.0)
      rspec-mocks (~> 2.6.0)
    rspec-core (2.6.4)
    rspec-expectations (2.6.0)
      diff-lcs (~> 1.1.2)
    rspec-mocks (2.6.0)
    thor (0.14.6)
    timecop (0.3.5)

PLATFORMS
  ruby

DEPENDENCIES
  fakeweb
  growl
  guard-rspec
  net-http-last_modified_cache!
  rb-fsevent
  rspec
  timecop
